GEM
  remote: https://rubygems.org/
  specs:
    conventional-changelog (1.3.0)
    diff-lcs (1.3)
    rack (3.0.10)
    rack-test (2.1.0)
      rack (>= 1.3)
    rake (12.3.2)
    rspec (3.8.0)
      rspec-core (~> 3.8.0)
      rspec-expectations (~> 3.8.0)
      rspec-mocks (~> 3.8.0)
    rspec-core (3.8.0)
      rspec-support (~> 3.8.0)
    rspec-expectations (3.8.2)
      diff-lcs (>= 1.2.0, < 2.0)
      rspec-support (~> 3.8.0)
    rspec-its (1.2.0)
      rspec-core (>= 3.0.0)
      rspec-expectations (>= 3.0.0)
    rspec-mocks (3.8.0)
      diff-lcs (>= 1.2.0, < 2.0)
      rspec-support (~> 3.8.0)
    rspec-support (3.8.0)

PLATFORMS
  ruby

DEPENDENCIES
  conventional-changelog (~> 1.3)
  rack-test (>= 2.0.0)
  rake (~> 12.0)
  rspec (~> 3.7)
  rspec-its (~> 1.2)

BUNDLED WITH
   1.17.3
